GEM
  remote: https://rubygems.org/
  specs:
    jsonpath (1.0.1)
      multi_json
      to_regexp (~> 0.2.1)
    multi_json (1.13.1)
    to_regexp (0.2.1)

PLATFORMS
  ruby

DEPENDENCIES
  jsonpath (~> 1.0)

BUNDLED WITH
   2.0.1
